##TITLE= Parameter file, TopSpin 4.3.0
##JCAMPDX= 5.0
##DATATYPE= Parameter Values
##NPOINTS= 24	$$ modification sequence number
##ORIGIN= Bruker BioSpin GmbH
##OWNER= nmrsu
$$ 2023-09-12 16:29:04.230 -0400  Titus@LAPTOP-QRDO9FT7
$$ G:/My Drive/NEUP_NonMS/NMR/5day_washed/31P HPDEC_August2023/31P HPDEC_August2023/1/pdata/999/procs
$$ process C:\Bruker\TopSpin4.3.0\prog\mod\decon.exe
##$ABSF1= 249.3991
##$ABSF2= -244.7867
##$ABSG= 5
##$ABSL= 3
##$ALPHA= 0
##$AQORDER= 0
##$ASSFAC= 0
##$ASSFACI= 0
##$ASSFACX= 0
##$ASSWID= 0
##$AUNMP= <proc_1d>
##$AXLEFT= 0
##$AXNAME= <>
##$AXNUC= <31P>
##$AXRIGHT= 0
##$AXTYPE= 0
##$AXUNIT= <>
##$AZFE= 0.1
##$AZFW= 0.5
##$BCFW= 0
##$BC_mod= 0
##$BYTORDP= 0
##$COROFFS= 0
##$CY= 15
##$DATMOD= 0
##$DC= 0
##$DFILT= <>
##$DTYPP= 0
##$ERETIC= no
##$F1P= 11.7824269579396
##$F2P= -4.5053435665251
##$FCOR= 0
##$FTSIZE= 32768
##$FT_mod= 6
##$GAMMA= 0
##$GB= 0
##$INTBC= 1
##$INTSCL= 5.082387e-11
##$ISEN= 128
##$LB= 50
##$LEV0= 0
##$LPBIN= 0
##$MAXI= 50
##$MC2= 0
##$MEAN= 0
##$ME_mod= 0
##$MI= 0
##$MddCEXP= no
##$MddCT_SP= no
##$MddF180= no
##$MddLAMBDA= 0
##$MddMEMORY= 0
##$MddMERGE= 0
##$MddNCOMP= 0
##$MddNITER= 0
##$MddNOISE= 0
##$MddPHASE= 0
##$MddSEED= 0
##$MddSRSIZE= 0
##$Mdd_CsALG= 0
##$Mdd_CsLAMBDA= 0
##$Mdd_CsNITER= 0
##$Mdd_CsNORM= 0
##$Mdd_CsVE= yes
##$Mdd_CsZF= 0
##$Mdd_mod= 0
##$NCOEF= 0
##$NC_proc= -6
##$NLEV= 6
##$NOISF1= 8.100006
##$NOISF2= 6.599998
##$NSP= 0
##$NTH_PI= 0
##$NZP= 0
##$OFFSET= 249.3991
##$PC= 1
##$PHC0= 254.6913
##$PHC1= -202.9377
##$PH_mod= 1
##$PKNL= yes
##$PPARMOD= 0
##$PPDIAG= 0
##$PPIPTYP= 0
##$PPMPNUM= 2147483647
##$PPRESOL= 1
##$PSCAL= 0
##$PSIGN= 0
##$PYNMP= <proc.py>
##$RDF1= 0
##$RDF2= 0
##$RDFWHM= 0
##$RDINT= 0
##$RDPOS= 0
##$REVERSE= no
##$SF= 202.353047339996
##$SI= 32768
##$SIGF1= 6
##$SIGF2= 5.2
##$SINO= 13.15043
##$SIOLD= 32768
##$SPECTYP= <>
##$SREF_mod= 1
##$SREGLST= <>
##$SSB= 0
##$STSI= 32768
##$STSR= 0
##$SW_p= 100000
##$SYMM= 0
##$S_DEV= 0
##$TDeff= 2048
##$TDoff= 0
##$TI= <>
##$TILT= no
##$TM1= 0
##$TM2= 0
##$TOPLEV= 0
##$USERP1= <user>
##$USERP2= <user>
##$USERP3= <user>
##$USERP4= <user>
##$USERP5= <user>
##$WDW= 1
##$XDIM= 8192
##$YMAX_p= 337223589
##$YMIN_p= -2902507
##END=
