##TITLE= Parameter file, TopSpin 3.5 pl 3
##JCAMPDX= 5.0
##DATATYPE= Parameter Values
##NPOINTS= 76182	$$ modification sequence number
##ORIGIN= Bruker BioSpin GmbH
##OWNER= nmrsu
$$ 2023-07-27 12:01:36.258 -0400  nmrsu@b10207006
$$ /opt/topspin3.5pl3/conf/instr/spect/specpar
$$ process /opt/topspin3.5pl3/prog/mod/hconfserver
##$ANCIEN= (0..7)
0 0 0 0 0 0 0 0
##$BF1= 100.13
##$BF2= 100.13
##$BF3= 100.13
##$DEC= 1
##$DECB= 1
##$DEF19F= yes
##$DEFRSEL= yes
##$HPMOD= (0..7)
0 0 0 0 0 0 0 0
##$HPPRECH= (0..15)
-1 -1 -1 -1 -1 -1 -1 -1 -1 -1 -1 -1 -1 -1 -1 -1
##$HPSELECT= yes
##$LOCSW19F= -1
##$LOCSW2H= -1
##$NUC1= 75
##$NUC2= 0
##$NUC3= 0
##$NUC4= 0
##$NUC5= 0
##$NUC6= 0
##$NUC7= 0
##$NUC8= 0
##$NUCARR= (0..123)
499.876 499.876 76.734009545 533.187606672 380.80041807 73.562182053 194.270793892
70.241640752 53.704967864 160.380085872 125.693920175 36.122624367 50.651995189
67.765474993 470.353378426 39.461691073 132.226699644 30.600584173 130.251984495
99.311299688 202.35351388 38.37048176 48.977395593 40.768511901 23.326078697
12.803348982 33.641799764 121.428613234 28.180679458 28.188192594 49.839181817
131.482124344 28.255470905 123.91535137 16.184875155 118.605948428 44.669174297
132.544485813 141.983244421 31.276256564 119.977008321 152.445704087 17.437249489
85.591837959 95.333916324 26.082140025 125.238833065 134.999101918 19.233228976
48.262742871 163.561696637 21.663736061 24.494913754 46.46996259 122.350499549
32.576549012 33.260224418 112.513719676 23.020044613 25.800444902 15.928283806
22.874825636 20.234075704 23.261894619 106.051092805 110.938355463 109.301661464
109.53597334 163.553173751 178.117110999 186.406919616 119.623211085 64.780015571
130.81625952 157.709723286 100.012620717 139.016445369 41.209382538 65.564445984
49.659966273 55.550859969 65.955139068 70.610689205 153.0620312 27.243242
16.7958336 20.8448292 17.1957344 124.2691736 54.8863848 15.3461932 20.1450028
120.1701904 17.1957344 24.0940232 106.6735384 14.3964288 41.4397204 87.474830861
24.09902196 57.00585904 40.64491756 20.03003132 12.58187892 59.933132896
20.82676868 112.595069496 113.729788016 11.40882491 38.817370904 8.58786968
9.35267996 107.457263988 8.64285604 89.531900581 33.049716637 285.545167232
288.347662041 104.577053457 80.326514083 9.204716664 18.1454988 100 100
##$NUCOFFS= (0..127)
<13C> <1H> <19F> <15N> <31P> <27Al> <29Si> <33S> <77Se> <79Br> <2H> <7Li>
<6Li> <11B> <119Sn> <23Na> <87Rb> <93Nb> <115In> <133Cs> <51V> <127I> <>
<> <> <> <> <> <> <> <> <> <> <> <> <> <> <> <> <> <> <> <> <> <> <> <>
<> <> <> <> <> <> <> <> <> <> <> <> <> <> <> <> <> <> <> <> <> <> <> <>
<> <> <> <> <> <> <> <> <> <> <> <> <> <> <> <> <> <> <> <> <> <> <> <>
<> <> <> <> <> <> <> <> <> <> <> <> <> <> <> <> <> <> <> <> <> <> <> <>
<> <> <> <> <> <> <> <> <>
##$OBS= 1
##$OFFS= (0..127)
0 0 0 0 0 0 0 0 0 0 0 0 0 0 0 0 0 0 0 0 0 0 0 0 0 0 0 0 0 0 0 0 0 0 0 0
0 0 0 0 0 0 0 0 0 0 0 0 0 0 0 0 0 0 0 0 0 0 0 0 0 0 0 0 0 0 0 0 0 0 0 0
0 0 0 0 0 0 0 0 0 0 0 0 0 0 0 0 0 0 0 0 0 0 0 0 0 0 0 0 0 0 0 0 0 0 0 0
0 0 0 0 0 0 0 0 0 0 0 0 0 0 0 0 0 0 0 0
##$OFFSF= (0..7)
0 0 0 0 0 0 0 0
##$OFFSH= (0..7)
0 0 0 0 0 0 0 0
##$OFFSX= (0..7)
0 0 0 0 0 0 0 0
##$OFFSXAS= (0..7)
0 0 0 0 0 0 0 0
##$OFSF1= 0
##$OFSF2= 0
##$OFSH1= 0
##$OFSH2= 0
##$OFSH3= 0
##$OFSX1= 0
##$OFSX2= 0
##$OFSY= 0
##$PACOIL= (0..15)
0 0 0 0 0 0 0 0 0 0 0 0 0 0 0 0
##$PRECHAN= (0..15)
-1 2 0 -1 3 -1 1 -1 -1 -1 -1 -1 -1 -1 -1 -1
##$RECPRE= (0..15)
-1 0 -1 -1 -1 -1 -1 -1 -1 -1 -1 -1 -1 -1 -1 -1
##$RECPRFX= (0..15)
1 0 0 0 0 0 0 0 0 0 0 0 0 0 0 0
##$RECSEL= (0..15)
0 0 0 1 0 0 0 0 0 0 0 0 0 0 0 0
##$SELREC= (0..9)
0 0 0 0 0 0 0 0 0 0
##$SFO1= 100.012621
##$SFO2= 499.876
##$SFO3= 499.876
##$SFO4= 499.876
##$SFO5= 499.876
##$SFO6= 499.876
##$SFO7= 499.876
##$SFO8= 499.876
##$TY= (0..123)
0 0 0 0 0 0 0 0 0 0 0 0 0 0 0 0 0 0 0 0 0 0 0 0 0 0 0 0 0 0 0 0 0 0 0 0
0 0 0 0 0 0 0 0 0 0 0 0 0 0 0 0 0 0 0 0 0 0 0 0 0 0 0 0 0 0 0 0 0 0 0 0
0 0 0 0 0 0 0 0 0 0 0 0 0 0 0 0 0 0 0 0 0 0 0 0 0 0 0 0 0 0 0 0 0 0 0 0
0 0 0 0 0 0 0 0 0 0 0 0 0 0 0 0
##END=
